GEM
  remote: https://rubygems.org/
  specs:
    diff-lcs (1.4.4)
    docker-api (2.1.0)
      excon (>= 0.47.0)
      multi_json
    excon (0.81.0)
    multi_json (1.15.0)
    rake (13.0.3)
    rspec (3.10.0)
      rspec-core (~> 3.10.0)
      rspec-expectations (~> 3.10.0)
      rspec-mocks (~> 3.10.0)
    rspec-core (3.10.1)
      rspec-support (~> 3.10.0)
    rspec-expectations (3.10.1)
      diff-lcs (>= 1.2.0, < 2.0)
      rspec-support (~> 3.10.0)
    rspec-mocks (3.10.2)
      diff-lcs (>= 1.2.0, < 2.0)
      rspec-support (~> 3.10.0)
    rspec-support (3.10.2)
    rufo (0.13.0)

PLATFORMS
  ruby

DEPENDENCIES
  docker-api
  rake
  rspec
  rufo

BUNDLED WITH
   2.1.4
